GEM
  remote: https://rubygems.org/
  specs:
    bcp47 (0.3.3)
      i18n
    concurrent-ruby (1.2.2)
    date_time_precision (0.8.1)
    fhir_models (4.2.2)
      bcp47 (>= 0.3)
      date_time_precision (>= 0.8)
      mime-types (>= 3.0)
      nokogiri (>= 1.11.4)
    i18n (1.13.0)
      concurrent-ruby (~> 1.0)
    mime-types (3.4.1)
      mime-types-data (~> 3.2015)
    mime-types-data (3.2023.0218.1)
    nokogiri (1.15.2-arm64-darwin)
      racc (~> 1.4)
    racc (1.6.2)

PLATFORMS
  arm64-darwin-22

DEPENDENCIES
  fhir_models (>= 4.2.2)

BUNDLED WITH
   2.4.10
